GEM
  remote: https://www.rubygems.org/
  specs:
    dogstatsd-ruby (1.4.1)
    hiredis (0.5.2)
    redis (3.1.0)

PLATFORMS
  ruby

DEPENDENCIES
  dogstatsd-ruby
  hiredis
  redis
